GEM
  remote: https://rubygems.org/
  specs:
    axlsx (1.3.1)
      htmlentities (~> 4.3.1)
      nokogiri (>= 1.4.1)
      rubyzip (>= 0.9.5)
    ethon (0.5.0)
      ffi (~> 1.0.11)
      mime-types (~> 1.18)
    ffi (1.0.11)
    htmlentities (4.3.1)
    json (1.7.5)
    mime-types (1.19)
    multi_json (1.3.6)
    multi_xml (0.5.1)
    nokogiri (1.5.5)
    rubyzip (0.9.9)
    typhoeus (0.5.0.rc)
      ethon (= 0.5.0)
    uri-handler (1.0.2)

PLATFORMS
  ruby

DEPENDENCIES
  axlsx
  json
  multi_json
  multi_xml
  typhoeus (~> 0.5.0.rc)
  uri-handler
